GIT
  remote: git://github.com/Watson1978/yard.git
  revision: 00d2df99f67c3b21d640cbc2bc360e3b86741c64
  branch: macruby
  specs:
    yard (0.8.3)

GEM
  remote: http://rubygems.org/
  specs:
    nokogiri (1.5.5)
    redcarpet (2.2.2)

PLATFORMS
  ruby

DEPENDENCIES
  nokogiri
  redcarpet
  yard!
