GIT
  remote: git://github.com/Watson1978/yard.git
  revision: 87d2127d2e390495184f47b9936c0e4c34d2499b
  branch: macruby
  specs:
    yard (0.8.3)

GEM
  remote: http://rubygems.org/
  specs:

PLATFORMS
  ruby

DEPENDENCIES
  yard!
