GIT
  remote: git://github.com/Watson1978/yard.git
  revision: 17c6a0cd7b506b95c0f23e1897f96e12465684f7
  branch: macruby
  specs:
    yard (0.8.3)

GEM
  remote: http://rubygems.org/
  specs:
    nokogiri (1.5.5)
    redcarpet (2.2.2)

PLATFORMS
  ruby

DEPENDENCIES
  nokogiri
  redcarpet
  yard!
