GIT
  remote: git://github.com/Watson1978/yard.git
  revision: 2e3b0fa836be7f1a8970423502db678b89b8f5c0
  branch: macruby
  specs:
    yard (0.8.3)

GEM
  remote: http://rubygems.org/
  specs:
    nokogiri (1.5.5)
    redcarpet (2.2.2)

PLATFORMS
  ruby

DEPENDENCIES
  nokogiri
  redcarpet
  yard!
