GIT
  remote: git://github.com/Watson1978/yard.git
  revision: 43e66f32b5ab5bef7f4f951289d048640c0d789f
  branch: macruby
  specs:
    yard (0.8.3)

GEM
  remote: http://rubygems.org/
  specs:
    nokogiri (1.5.5)

PLATFORMS
  ruby

DEPENDENCIES
  nokogiri
  yard!
