GIT
  remote: git://github.com/Watson1978/yard.git
  revision: a3fb3aaf6cf654f845fd61457d860f0e450ea08f
  branch: macruby
  specs:
    yard (0.8.3)

GEM
  remote: http://rubygems.org/
  specs:
    nokogiri (1.5.5)
    redcarpet (2.2.2)

PLATFORMS
  ruby

DEPENDENCIES
  nokogiri
  redcarpet
  yard!
