GIT
  remote: git://github.com/Watson1978/yard.git
  revision: c2964c147468110c1fda7c14842da5345541cc69
  branch: macruby
  specs:
    yard (0.8.3)

GEM
  remote: http://rubygems.org/
  specs:
    nokogiri (1.5.5)

PLATFORMS
  ruby

DEPENDENCIES
  nokogiri
  yard!
