GIT
  remote: git://github.com/Watson1978/yard.git
  revision: 7159ffdc910472fc358b605f612afd45709eb30a
  branch: macruby
  specs:
    yard (0.8.3)

GEM
  remote: http://rubygems.org/
  specs:
    nokogiri (1.5.5)
    redcarpet (2.2.2)

PLATFORMS
  ruby

DEPENDENCIES
  nokogiri
  redcarpet
  yard!
