GIT
  remote: git://github.com/Watson1978/yard.git
  revision: 5bcf705a5add8559e89531ccb1115edb016f3996
  branch: macruby
  specs:
    yard (0.8.3)

GEM
  remote: http://rubygems.org/
  specs:

PLATFORMS
  ruby

DEPENDENCIES
  yard!
