GIT
  remote: git://github.com/Watson1978/yard.git
  revision: a297a867516fd134ff593496e24114c46026aff7
  branch: macruby
  specs:
    yard (0.8.3)

GEM
  remote: http://rubygems.org/
  specs:

PLATFORMS
  ruby

DEPENDENCIES
  yard!
