GIT
  remote: git://github.com/Watson1978/yard.git
  revision: 3976eebd759ea4df09cffeed4a4f0ecd9a3d3b70
  branch: macruby
  specs:
    yard (0.8.3)

GEM
  remote: http://rubygems.org/
  specs:
    nokogiri (1.5.5)
    redcarpet (2.2.2)

PLATFORMS
  ruby

DEPENDENCIES
  nokogiri
  redcarpet
  yard!
