GIT
  remote: git://github.com/Watson1978/yard.git
  revision: 83b3ad047702bcd0a8a6f9910e5dd9e8b456a82b
  branch: macruby
  specs:
    yard (0.8.3)

GEM
  remote: http://rubygems.org/
  specs:

PLATFORMS
  ruby

DEPENDENCIES
  yard!
