GIT
  remote: git://github.com/Watson1978/rdoc.git
  revision: ac0bbcf2d52567c1b4d1828f99712c2b12ae88e5
  branch: macruby
  specs:
    rdoc (3.12.20121024213649)
      json (~> 1.4)

GEM
  remote: http://rubygems.org/
  specs:
    json (1.7.5)

PLATFORMS
  ruby

DEPENDENCIES
  rdoc!
