GIT
  remote: git://github.com/Watson1978/yard.git
  revision: fc539b8a6e58087b371681e8731b98f7a1f3e9a3
  branch: macruby
  specs:
    yard (0.8.3)

GEM
  remote: http://rubygems.org/
  specs:

PLATFORMS
  ruby

DEPENDENCIES
  yard!
