GIT
  remote: git://github.com/Watson1978/yard.git
  revision: 21ca46e50673fef858d7e1401581fd9fe9194f31
  branch: macruby
  specs:
    yard (0.8.3)

GEM
  remote: http://rubygems.org/
  specs:
    nokogiri (1.5.5)

PLATFORMS
  ruby

DEPENDENCIES
  nokogiri
  yard!
