GIT
  remote: git://github.com/Watson1978/yard.git
  revision: a3fb3aaf6cf654f845fd61457d860f0e450ea08f
  branch: macruby
  specs:
    yard (0.8.3)

GEM
  remote: http://rubygems.org/
  specs:
    mizuho (0.9.13)
      nokogiri
      sqlite3
    nokogiri (1.5.5)
    redcarpet (2.2.2)
    sqlite3 (1.3.6)

PLATFORMS
  ruby

DEPENDENCIES
  mizuho
  nokogiri
  redcarpet
  sqlite3
  yard!
