GIT
  remote: git://github.com/Watson1978/yard.git
  revision: 3829f70a1d54859b398086a6245c096d83d93cd8
  branch: macruby
  specs:
    yard (0.8.3)

GEM
  remote: http://rubygems.org/
  specs:
    nokogiri (1.5.5)
    redcarpet (2.2.2)

PLATFORMS
  ruby

DEPENDENCIES
  nokogiri
  redcarpet
  yard!
