GIT
  remote: git://github.com/Watson1978/yard.git
  revision: 8fe1e1c1908b7308906871ba39da07cfed7983c9
  branch: macruby
  specs:
    yard (0.8.3)

GEM
  remote: http://rubygems.org/
  specs:
    nokogiri (1.5.5)
    redcarpet (2.2.2)

PLATFORMS
  ruby

DEPENDENCIES
  nokogiri
  redcarpet
  yard!
